PATH
  remote: concourse-docs
  specs:
    concourse-docs (0.0.0)
      anatomy (~> 0.4.0)

GEM
  remote: https://rubygems.org/
  specs:
    anatomy (0.4.1)
      atomy (~> 0.7.0)
      broomhlda (~> 0.3.0)
      json_pure (~> 1.8)
      puma (~> 3.6)
    atomy (0.7.0)
      kpeg (~> 1.0)
    broomhlda (0.3.0)
      atomy (~> 0.7.0)
    json_pure (1.8.3)
    kpeg (1.1.0)
    puma (3.6.0)

PLATFORMS
  ruby

DEPENDENCIES
  anatomy (~> 0.4.0)
  concourse-docs!

BUNDLED WITH
   1.11.2
